GEM
  remote: https://rubygems.org/
  specs:
    actionpack (6.1.7.1)
      actionview (= 6.1.7.1)
      activesupport (= 6.1.7.1)
      rack (~> 2.0, >= 2.0.9)
      rack-test (>= 0.6.3)
      rails-dom-testing (~> 2.0)
      rails-html-sanitizer (~> 1.0, >= 1.2.0)
    actionview (6.1.7.1)
      activesupport (= 6.1.7.1)
      builder (~> 3.1)
      erubi (~> 1.4)
      rails-dom-testing (~> 2.0)
      rails-html-sanitizer (~> 1.1, >= 1.2.0)
    activemodel (6.1.7.1)
      activesupport (= 6.1.7.1)
    activerecord (6.1.7.1)
      activemodel (= 6.1.7.1)
      activesupport (= 6.1.7.1)
    activesupport (6.1.7.1)
      concurrent-ruby (~> 1.0, >= 1.0.2)
      i18n (>= 1.6, < 2)
      minitest (>= 5.1)
      tzinfo (~> 2.0)
      zeitwerk (~> 2.3)
    builder (3.2.4)
    byebug (10.0.2)
    coderay (1.1.3)
    concurrent-ruby (1.1.10)
    crass (1.0.6)
    database_cleaner (1.7.0)
    diff-lcs (1.5.0)
    erubi (1.12.0)
    factory_bot (4.11.1)
      activesupport (>= 3.0.0)
    i18n (1.12.0)
      concurrent-ruby (~> 1.0)
    loofah (2.19.1)
      crass (~> 1.0.2)
      nokogiri (>= 1.5.9)
    method_source (1.0.0)
    mini_portile2 (2.8.1)
    minitest (5.17.0)
    nokogiri (1.14.0)
      mini_portile2 (~> 2.8.0)
      racc (~> 1.4)
    pg (1.1.3)
    pry (0.14.2)
      coderay (~> 1.1)
      method_source (~> 1.0)
    pry-byebug (3.6.0)
      byebug (~> 10.0)
      pry (~> 0.10)
    racc (1.6.2)
    rack (2.2.6.2)
    rack-test (2.0.2)
      rack (>= 1.3)
    rails-dom-testing (2.0.3)
      activesupport (>= 4.2.0)
      nokogiri (>= 1.6)
    rails-html-sanitizer (1.4.4)
      loofah (~> 2.19, >= 2.19.1)
    railties (6.1.7.1)
      actionpack (= 6.1.7.1)
      activesupport (= 6.1.7.1)
      method_source
      rake (>= 12.2)
      thor (~> 1.0)
    rake (13.0.6)
    rspec-core (3.8.2)
      rspec-support (~> 3.8.0)
    rspec-expectations (3.8.6)
      diff-lcs (>= 1.2.0, < 2.0)
      rspec-support (~> 3.8.0)
    rspec-mocks (3.8.2)
      diff-lcs (>= 1.2.0, < 2.0)
      rspec-support (~> 3.8.0)
    rspec-rails (3.8.1)
      actionpack (>= 3.0)
      activesupport (>= 3.0)
      railties (>= 3.0)
      rspec-core (~> 3.8.0)
      rspec-expectations (~> 3.8.0)
      rspec-mocks (~> 3.8.0)
      rspec-support (~> 3.8.0)
    rspec-support (3.8.3)
    thor (1.2.1)
    tzinfo (2.0.5)
      concurrent-ruby (~> 1.0)
    zeitwerk (2.6.6)

PLATFORMS
  ruby

DEPENDENCIES
  activerecord
  database_cleaner
  factory_bot
  pg (>= 0.18, < 2.0)
  pry-byebug
  rspec-rails

BUNDLED WITH
   1.16.2
